NUGET
  remote: http://nuget.org/api/v2
  specs:
    FAKE (3.9.2)
    FSharp.Compiler.Service (0.0.67)
    FSharp.Data (2.1.0)
      Zlib.Portable (>= 1.10.0) - portable-7.0
    FSharp.Formatting (2.4.36)
      FSharp.Compiler.Service (0.0.67)
      Microsoft.AspNet.Razor (2.0.30506.0)
      RazorEngine (3.3.0)
    LibGit2Sharp (0.20.0.0)
    Microsoft.AspNet.Razor (2.0.30506.0)
    Mono.Cecil (0.9.5.4)
    NuGet.CommandLine (2.8.3)
    RazorEngine (3.3.0)
      Microsoft.AspNet.Razor (>= 2.0.30506.0)
    SourceLink.Fake (0.4.2)
    Zlib.Portable (1.10.0)
